PATH
  remote: .
  specs:
    paypal-recurring (1.3.0)

GEM
  remote: http://rubygems.org/
  specs:
    activesupport (5.0.1)
      concurrent-ruby (~> 1.0, >= 1.0.2)
      i18n (~> 0.7)
      minitest (~> 5.1)
      tzinfo (~> 1.1)
    awesome_print (1.7.0)
    byebug (11.1.3)
    coderay (1.1.3)
    concurrent-ruby (1.0.4)
    diff-lcs (1.2.5)
    fakeweb (1.3.0)
    i18n (0.7.0)
    its (0.2.0)
      rspec-core
    method_source (1.1.0)
    minitest (5.10.1)
    pry (0.14.2)
      coderay (~> 1.1)
      method_source (~> 1.0)
    pry-byebug (3.10.1)
      byebug (~> 11.0)
      pry (>= 0.13, < 0.15)
    rake (12.0.0)
    rspec (3.5.0)
      rspec-core (~> 3.5.0)
      rspec-expectations (~> 3.5.0)
      rspec-mocks (~> 3.5.0)
    rspec-collection_matchers (1.1.3)
      rspec-expectations (>= 2.99.0.beta1)
    rspec-core (3.5.4)
      rspec-support (~> 3.5.0)
    rspec-expectations (3.5.0)
      diff-lcs (>= 1.2.0, < 2.0)
      rspec-support (~> 3.5.0)
    rspec-mocks (3.5.0)
      diff-lcs (>= 1.2.0, < 2.0)
      rspec-support (~> 3.5.0)
    rspec-support (3.5.0)
    thread_safe (0.3.5)
    tzinfo (1.2.2)
      thread_safe (~> 0.1)
    vcr (3.0.3)

PLATFORMS
  ruby

DEPENDENCIES
  activesupport
  awesome_print
  fakeweb
  its
  paypal-recurring!
  pry-byebug
  rake
  rspec
  rspec-collection_matchers
  vcr

BUNDLED WITH
   2.1.4
